PATH
  remote: .
  specs:
    git_cli_prompt (0.2.1)
      tlogger
      toolrack
      tty-prompt

GEM
  remote: https://rubygems.org/
  specs:
    base58 (0.2.3)
    devops_assist (0.1.1)
      git_cli
      git_cli_prompt
      gvcs
      tlogger
      toolrack
      tty-prompt
    diff-lcs (1.4.4)
    git_cli (0.9.0)
      gvcs
      ptools (~> 1.4.0)
      tlogger
      toolrack
    gvcs (0.1.0)
    pastel (0.8.0)
      tty-color (~> 0.5)
    ptools (1.4.2)
    rake (13.0.6)
    rspec (3.10.0)
      rspec-core (~> 3.10.0)
      rspec-expectations (~> 3.10.0)
      rspec-mocks (~> 3.10.0)
    rspec-core (3.10.1)
      rspec-support (~> 3.10.0)
    rspec-expectations (3.10.1)
      diff-lcs (>= 1.2.0, < 2.0)
      rspec-support (~> 3.10.0)
    rspec-mocks (3.10.2)
      diff-lcs (>= 1.2.0, < 2.0)
      rspec-support (~> 3.10.0)
    rspec-support (3.10.2)
    tlogger (0.26.1)
    toolrack (0.16.0)
      base58
      tlogger
    tty-color (0.6.0)
    tty-cursor (0.7.1)
    tty-prompt (0.22.0)
      pastel (~> 0.8)
      tty-reader (~> 0.8)
    tty-reader (0.9.0)
      tty-cursor (~> 0.7)
      tty-screen (~> 0.8)
      wisper (~> 2.0)
    tty-screen (0.8.1)
    wisper (2.0.1)

PLATFORMS
  x86_64-linux

DEPENDENCIES
  devops_assist
  git_cli_prompt!
  rake (~> 13.0)
  rspec (~> 3.0)

BUNDLED WITH
   2.2.28
